GIT
  remote: https://github.com/rtomayko/rocco.git
  revision: c1da4e3130a37f1c2f9b6516f3aec3af13f294c9
  specs:
    rocco (0.8.2)
      mustache
      redcarpet (~> 1.17)

GEM
  remote: https://rubygems.org/
  specs:
    diff-lcs (1.3)
    mustache (1.0.5)
    pygmentize (0.0.3)
    redcarpet (1.17.2)
    rspec (3.6.0)
      rspec-core (~> 3.6.0)
      rspec-expectations (~> 3.6.0)
      rspec-mocks (~> 3.6.0)
    rspec-core (3.6.0)
      rspec-support (~> 3.6.0)
    rspec-expectations (3.6.0)
      diff-lcs (>= 1.2.0, < 2.0)
      rspec-support (~> 3.6.0)
    rspec-mocks (3.6.0)
      diff-lcs (>= 1.2.0, < 2.0)
      rspec-support (~> 3.6.0)
    rspec-support (3.6.0)

PLATFORMS
  ruby

DEPENDENCIES
  pygmentize
  rocco!
  rspec

BUNDLED WITH
   1.15.1
